PATH
  remote: .
  specs:
    flip-flop (0.0.1)

GEM
  remote: https://rubygems.org/
  specs:
    diff-lcs (1.2.5)
    power_assert (0.2.7)
    rake (10.4.2)
    rspec (3.4.0)
      rspec-core (~> 3.4.0)
      rspec-expectations (~> 3.4.0)
      rspec-mocks (~> 3.4.0)
    rspec-core (3.4.4)
      rspec-support (~> 3.4.0)
    rspec-expectations (3.4.0)
      diff-lcs (>= 1.2.0, < 2.0)
      rspec-support (~> 3.4.0)
    rspec-mocks (3.4.1)
      diff-lcs (>= 1.2.0, < 2.0)
      rspec-support (~> 3.4.0)
    rspec-support (3.4.1)
    test-unit (3.1.8)
      power_assert

PLATFORMS
  ruby

DEPENDENCIES
  flip-flop!
  rake (~> 10.4.2)
  rspec (~> 3.0)
  test-unit (~> 3.0)

BUNDLED WITH
   1.11.2
